GEM
  remote: http://rubygems.org/
  specs:
    json (1.6.5)
    rdoc (3.12)
      json (~> 1.4)
    sdoc (0.3.16)
      json (>= 1.1.3)
      rdoc (~> 3.10)

PLATFORMS
  ruby

DEPENDENCIES
  sdoc
